GEM
  remote: https://rubygems.org/
  specs:
    addressable (2.8.1)
      public_suffix (>= 2.0.2, < 6.0)
    chunky_png (1.3.11)
    launchy (2.4.3)
      addressable (~> 2.3)
    public_suffix (5.0.0)
    rqrcode (1.1.2)
      chunky_png (~> 1.0)
      rqrcode_core (~> 0.1)
    rqrcode_core (0.1.1)

PLATFORMS
  ruby

DEPENDENCIES
  launchy
  rqrcode
  rqrcode_core

BUNDLED WITH
   2.0.2
